GIT
  remote: git://github.com/hecticjeff/omniauth.git
  revision: 73359d0c0242bc3c6a03aa0bb0d18a2c3a034ce9
  branch: bluevia
  specs:
    oa-core (0.2.6)
    oa-oauth (0.2.6)
      faraday (~> 0.6.1)
      multi_json (~> 1.0.0)
      multi_xml (~> 0.2.2)
      oa-core (= 0.2.6)
      oauth (~> 0.4.0)
      oauth2 (~> 0.4.1)

GEM
  remote: http://rubygems.org/
  specs:
    addressable (2.2.6)
    daemons (1.1.4)
    eventmachine (0.12.10)
    faraday (0.6.1)
      addressable (~> 2.2.4)
      multipart-post (~> 1.1.0)
      rack (< 2, >= 1.1.0)
    json (1.5.3)
    multi_json (1.0.3)
    multi_xml (0.2.2)
    multipart-post (1.1.2)
    oauth (0.4.5)
    oauth2 (0.4.1)
      faraday (~> 0.6.1)
      multi_json (>= 0.0.5)
    rack (1.3.0)
    rack-ssl (1.3.2)
      rack
    sinatra (1.2.6)
      rack (~> 1.1)
      tilt (< 2.0, >= 1.2.2)
    thin (1.2.11)
      daemons (>= 1.0.9)
      eventmachine (>= 0.12.6)
      rack (>= 1.0.0)
    tilt (1.3.2)

PLATFORMS
  ruby

DEPENDENCIES
  json
  oa-oauth!
  rack-ssl
  sinatra
  thin
